PATH
  remote: .
  specs:
    sortah (0.7.0)
      mail
      trollop

GEM
  remote: http://rubygems.org/
  specs:
    archive-tar-minitar (0.5.2)
    coderay (1.0.5)
    diff-lcs (1.1.3)
    i18n (0.6.0)
    mail (2.3.0)
      i18n (>= 0.4.0)
      mime-types (~> 1.16)
      treetop (~> 1.4.8)
    method_source (0.7.1)
    mime-types (1.16)
    polyglot (0.3.2)
    pry (0.9.8.4)
      coderay (~> 1.0.5)
      method_source (~> 0.7.1)
      slop (>= 2.4.4, < 3)
    pry-nav (0.1.0)
      pry (~> 0.9.8.1)
    rake (0.9.2)
    rspec (2.6.0)
      rspec-core (~> 2.6.0)
      rspec-expectations (~> 2.6.0)
      rspec-mocks (~> 2.6.0)
    rspec-core (2.6.4)
    rspec-expectations (2.6.0)
      diff-lcs (~> 1.1.2)
    rspec-mocks (2.6.0)
    ruby-graphviz (1.0.5)
    ruby_core_source (0.1.5)
      archive-tar-minitar (>= 0.5.2)
    rubydeps (0.9.2.pre)
      ruby-graphviz (~> 1.0.5)
      ruby_core_source (~> 0.1.5)
      thor (~> 0.14.2)
    slop (2.4.4)
    thor (0.14.6)
    treetop (1.4.10)
      polyglot
      polyglot (>= 0.3.1)
    trollop (1.16.2)

PLATFORMS
  ruby

DEPENDENCIES
  pry
  pry-nav
  rake
  rspec
  rubydeps (= 0.9.2.pre)
  sortah!
